GEM
  remote: https://rubygems.org/
  specs:
    front_matter_parser (0.0.4)
    rack (1.6.4)
    redcarpet (3.3.4)
    roda (2.11.0)
      rack
    slim (2.0.3)
      temple (~> 0.6.6)
      tilt (>= 1.3.3, < 2.1)
    temple (0.6.10)
    tilt (1.4.1)

PLATFORMS
  ruby

DEPENDENCIES
  front_matter_parser (~> 0.0.2)
  redcarpet (~> 3.3.4)
  roda
  slim (~> 2.0.3)

BUNDLED WITH
   1.11.2
